GEM
  remote: http://rubygems.org/
  specs:
    erubis (2.7.0)
    json (1.1.9)
    rack (1.4.1)
    rack-protection (1.2.0)
      rack
    sinatra (1.3.2)
      rack (~> 1.3, >= 1.3.6)
      rack-protection (~> 1.2)
      tilt (~> 1.3, >= 1.3.3)
    tilt (1.3.3)

PLATFORMS
  ruby

DEPENDENCIES
  erubis (= 2.7.0)
  json (= 1.1.9)
  sinatra (= 1.3.2)
